PATH
  remote: .
  specs:
    shopify-ori (0.1.0)
      nio4r (~> 2.7)
      sorbet-runtime
      zeitwerk (~> 2.7.1)

GEM
  remote: https://pkgs.shopify.io/basic/gems/ruby/
  specs:

GEM
  remote: https://rubygems.org/
  specs:
    ast (2.4.2)
    coderay (1.1.3)
    erubi (1.13.0)
    json (2.9.0)
    language_server-protocol (3.17.0.3)
    method_source (1.1.0)
    minitest (5.25.1)
    netrc (0.11.0)
    nio4r (2.7.3)
    parallel (1.26.3)
    parser (3.3.6.0)
      ast (~> 2.4.1)
      racc
    prism (1.2.0)
    pry (0.15.0)
      coderay (~> 1.1)
      method_source (~> 1.0)
    pry-sorbet (0.2.1)
      pry
    racc (1.8.1)
    rainbow (3.1.1)
    rake (13.2.1)
    rbi (0.2.1)
      prism (~> 1.0)
      sorbet-runtime (>= 0.5.9204)
    regexp_parser (2.9.3)
    rubocop (1.69.1)
      json (~> 2.3)
      language_server-protocol (>= 3.17.0)
      parallel (~> 1.10)
      parser (>= 3.3.0.2)
      rainbow (>= 2.2.2, < 4.0)
      regexp_parser (>= 2.9.3, < 3.0)
      rubocop-ast (>= 1.36.2, < 2.0)
      ruby-progressbar (~> 1.7)
      unicode-display_width (>= 2.4.0, < 4.0)
    rubocop-ast (1.36.2)
      parser (>= 3.3.1.0)
    rubocop-shopify (2.15.1)
      rubocop (~> 1.51)
    rubocop-sorbet (0.8.7)
      rubocop (>= 1)
    ruby-progressbar (1.13.0)
    sorbet (0.5.11678)
      sorbet-static (= 0.5.11678)
    sorbet-runtime (0.5.11678)
    sorbet-static (0.5.11678-universal-darwin)
    sorbet-static-and-runtime (0.5.11678)
      sorbet (= 0.5.11678)
      sorbet-runtime (= 0.5.11678)
    spoom (1.5.0)
      erubi (>= 1.10.0)
      prism (>= 0.28.0)
      sorbet-static-and-runtime (>= 0.5.10187)
      thor (>= 0.19.2)
    tapioca (0.16.5)
      bundler (>= 2.2.25)
      netrc (>= 0.11.0)
      parallel (>= 1.21.0)
      rbi (~> 0.2)
      sorbet-static-and-runtime (>= 0.5.11087)
      spoom (>= 1.2.0)
      thor (>= 1.2.0)
      yard-sorbet
    thor (1.3.2)
    unicode-display_width (3.1.2)
      unicode-emoji (~> 4.0, >= 4.0.4)
    unicode-emoji (4.0.4)
    yard (0.9.37)
    yard-sorbet (0.9.0)
      sorbet-runtime
      yard
    zeitwerk (2.7.1)

PLATFORMS
  arm64-darwin-23

DEPENDENCIES
  minitest (~> 5.0)
  pry-sorbet (~> 0.2)
  rake (~> 13.0)
  rubocop-shopify
  rubocop-sorbet
  shopify-ori!
  sorbet-static-and-runtime
  spoom
  tapioca

BUNDLED WITH
   2.5.22
